GEM
  remote: http://rubygems.org/
  specs:
    addressable (2.2.7)
    coffee-script (2.2.0)
      coffee-script-source
      execjs
    coffee-script-source (1.3.1)
    data_objects (0.10.8)
      addressable (~> 2.1)
    datamapper (0.3.2)
      fastthread (> 0.0.0)
      json (> 0.0.0)
      rspec (> 0.0.0)
      validatable (> 0.0.0)
    diff-lcs (1.1.3)
    dm-core (1.2.0)
      addressable (~> 2.2.6)
    dm-do-adapter (1.2.0)
      data_objects (~> 0.10.6)
      dm-core (~> 1.2.0)
    dm-migrations (1.2.0)
      dm-core (~> 1.2.0)
    dm-mysql-adapter (1.2.0)
      dm-do-adapter (~> 1.2.0)
      do_mysql (~> 0.10.6)
    dm-postgres-adapter (1.2.0)
      dm-do-adapter (~> 1.2.0)
      do_postgres (~> 0.10.6)
    do_mysql (0.10.8)
      data_objects (= 0.10.8)
    do_postgres (0.10.8)
      data_objects (= 0.10.8)
    execjs (1.3.0)
      multi_json (~> 1.0)
    fastthread (1.0.7)
    haml (3.1.4)
    json (1.6.6)
    libv8 (3.3.10.2)
    multi_json (1.2.0)
    rack (1.4.1)
    rack-protection (1.2.0)
      rack
    rspec (2.9.0)
      rspec-core (~> 2.9.0)
      rspec-expectations (~> 2.9.0)
      rspec-mocks (~> 2.9.0)
    rspec-core (2.9.0)
    rspec-expectations (2.9.1)
      diff-lcs (~> 1.1.3)
    rspec-mocks (2.9.0)
    sinatra (1.3.2)
      rack (>= 1.3.6, ~> 1.3)
      rack-protection (~> 1.2)
      tilt (>= 1.3.3, ~> 1.3)
    therubyracer (0.9.3beta1)
      libv8 (~> 3.3.10)
    tilt (1.3.3)
    validatable (1.6.7)

PLATFORMS
  ruby

DEPENDENCIES
  coffee-script
  datamapper
  dm-migrations
  dm-mysql-adapter
  dm-postgres-adapter
  haml
  sinatra
  therubyracer
